GEM
  remote: http://rubygems.org/
  specs:
    activesupport (3.0.5)
    addressable (2.1.1)
    aws-s3 (0.6.2)
      builder
      mime-types
      xml-simple
    builder (3.0.0)
    cgi_multipart_eof_fix (2.5.0)
    chronic (0.2.3)
      hoe (>= 1.2.1)
    daemons (1.1.0)
    data_objects (0.10.1)
      addressable (~> 2.1)
    datamapper (0.3.2)
      fastthread (> 0.0.0)
      json (> 0.0.0)
      rspec (> 0.0.0)
      validatable (> 0.0.0)
    diff-lcs (1.1.2)
    dm-aggregates (0.10.2)
      dm-core (~> 0.10.2)
    dm-core (0.10.2)
      addressable (~> 2.1)
      extlib (~> 0.9.14)
    dm-paperclip (2.4.1)
      datamapper
      extlib
    dm-timestamps (0.10.2)
      dm-core (~> 0.10.2)
    dm-validations (0.10.2)
      dm-core (~> 0.10.2)
    do_mysql (0.10.1)
      data_objects (= 0.10.1)
    extlib (0.9.14)
    fastthread (1.0.7)
    gem_plugin (0.2.3)
    gemcutter (0.7.0)
    hoe (2.5.0)
      gemcutter (>= 0.2.1)
      rake (>= 0.8.7)
      rubyforge (>= 2.0.3)
    i18n (0.5.0)
    json (1.5.1)
    json_pure (1.5.1)
    linguistics (1.0.8)
    mail (2.2.15)
      activesupport (>= 2.3.6)
      i18n (>= 0.4.0)
      mime-types (~> 1.16)
      treetop (~> 1.4.8)
    mime-types (1.16)
    mongrel (1.1.5)
      cgi_multipart_eof_fix (>= 2.4)
      daemons (>= 1.0.3)
      fastthread (>= 1.0.1)
      gem_plugin (>= 0.2.3)
    nokogiri (1.4.2)
    polyglot (0.3.1)
    pony (1.0)
      mail (> 2.0)
    rack (1.1.0)
    rainbows (0.91.0)
      unicorn (~> 0.97.0)
    rake (0.8.7)
    rspec (2.5.0)
      rspec-core (~> 2.5.0)
      rspec-expectations (~> 2.5.0)
      rspec-mocks (~> 2.5.0)
    rspec-core (2.5.1)
    rspec-expectations (2.5.0)
      diff-lcs (~> 1.1.2)
    rspec-mocks (2.5.0)
    rubyforge (2.0.4)
      json_pure (>= 1.1.7)
    rufus-scheduler (2.0.4)
    sinatra (1.0)
      rack (>= 1.0)
    treetop (1.4.9)
      polyglot (>= 0.3.1)
    unicode (0.1)
    unicorn (0.97.0)
      rack
    validatable (1.6.7)
    xml-simple (1.0.15)

PLATFORMS
  ruby

DEPENDENCIES
  addressable (= 2.1.1)
  aws-s3 (= 0.6.2)
  chronic (= 0.2.3)
  data_objects (= 0.10.1)
  dm-aggregates (= 0.10.2)
  dm-core (= 0.10.2)
  dm-paperclip (= 2.4.1)
  dm-timestamps (= 0.10.2)
  dm-validations (= 0.10.2)
  do_mysql (= 0.10.1)
  extlib (= 0.9.14)
  hoe (= 2.5.0)
  json
  linguistics (= 1.0.8)
  mongrel (= 1.1.5)
  nokogiri (= 1.4.2)
  pony (= 1.0)
  rack (= 1.1.0)
  rainbows (= 0.91.0)
  rufus-scheduler (= 2.0.4)
  sinatra (= 1.0)
  unicode (= 0.1)
  unicorn (= 0.97.0)
